GEM
  specs:
    jekyll-sass-converter (1.4.0)
      sass (~> 3.4)
    sass (3.4.20)

PLATFORMS
  ruby

DEPENDENCIES
  jekyll-sass-converter

BUNDLED WITH
   1.11.2
